PATH
  remote: vendor/linkedin2-1.0.1
  specs:
    linkedin2 (1.0.1)

PATH
  remote: vendor/linkedin2-1.0.1
  specs:
    linkedin2 (1.0.1)

GEM
  remote: http://rubygems.org/
  remote: http://gemcutter.org/
  remote: http://gems.github.com/
  remote: http://rubyforge.org/
  specs:
    RubyInline (3.9.0)
      ZenTest (~> 4.3)
    SystemTimer (1.2.2)
    ZenTest (4.5.0)
    actionmailer (2.3.4)
      actionpack (= 2.3.4)
    actionpack (2.3.4)
      activesupport (= 2.3.4)
      rack (~> 1.0.0)
    active_presenter (1.3.1)
    activerecord (2.3.4)
      activesupport (= 2.3.4)
    activeresource (2.3.4)
      activesupport (= 2.3.4)
    activesupport (2.3.4)
    acts_as_audited (1.1.1)
      activerecord (>= 2.1)
    after_commit (1.0.8)
      activerecord (< 3.0.0)
    amalgalite (1.0.0)
      arrayfields (~> 4.7.4)
      fastercsv (~> 1.5.4)
    amqp (0.6.7)
      eventmachine (>= 0.12.4)
    arrayfields (4.7.4)
    autotest-growl (0.2.9)
    autotest-rails (4.1.0)
      ZenTest
    aws-s3 (0.6.2)
      builder
      mime-types
      xml-simple
    builder (3.0.0)
    bullet (2.0.1)
      uniform_notifier (~> 1.0.0)
    capistrano (2.5.10)
      highline
      net-scp (>= 1.0.0)
      net-sftp (>= 2.0.0)
      net-ssh (>= 2.0.14)
      net-ssh-gateway (>= 1.0.0)
    capistrano-ext (1.2.1)
      capistrano (>= 1.0.0)
    capybara (0.4.1.2)
      celerity (>= 0.7.9)
      culerity (>= 0.2.4)
      mime-types (>= 1.16)
      nokogiri (>= 1.3.3)
      rack (>= 1.0.0)
      rack-test (>= 0.5.4)
      selenium-webdriver (>= 0.0.27)
      xpath (~> 0.1.3)
    celerity (0.8.8)
    childprocess (0.1.7)
      ffi (~> 0.6.3)
    chronic (0.3.0)
    cobravsmongoose (0.0.2)
    columnize (0.3.2)
    crack (0.1.8)
    cucumber (0.10.0)
      builder (>= 2.1.2)
      diff-lcs (~> 1.1.2)
      gherkin (~> 2.3.2)
      json (~> 1.4.6)
      term-ansicolor (~> 1.0.5)
    cucumber-rails (0.3.2)
      cucumber (>= 0.8.0)
    culerity (0.2.15)
    daemons (1.1.0)
    database_cleaner (0.6.4)
    deadweight (0.2.0)
      nokogiri
    diff-lcs (1.1.2)
    eventmachine (0.12.10)
    ezcrypto (0.7.2)
    facebooker (1.0.75)
      json_pure (>= 1.0.0)
    faker (0.9.5)
      i18n (~> 0.4)
    fastercsv (1.5.4)
    ffi (0.6.3)
      rake (>= 0.8.7)
    formtastic (1.1.0)
      actionpack (>= 2.3.0)
      activesupport (>= 2.3.0)
      i18n (>= 0.4.0)
    gdata (1.1.1)
    gherkin (2.3.3)
      json (~> 1.4.6)
    haml (3.0.25)
    hashie (1.0.0)
    highline (1.5.2)
    hirb (0.4.0)
    hoe (2.4.0)
      rake (>= 0.8.7)
      rubyforge (>= 2.0.3)
    hpricot (0.8.4)
    httparty (0.7.4)
      crack (= 0.1.8)
    i18n (0.5.0)
    image_science (1.2.1)
    javan-whenever (0.3.7)
      chronic (>= 0.2.3)
    jnunemaker-columbus (0.1.2)
    json (1.4.6)
    json_pure (1.4.6)
    larch (1.1.0)
      amalgalite (~> 1.0.0)
      highline (~> 1.5.0)
      sequel (~> 3.14)
      trollop (~> 1.13)
    linecache (0.43)
    lockfile (1.4.3)
    markevans-block_helpers (0.2.11)
      activesupport (>= 2.0)
    mash (0.1.1)
    mdalessio-dryopteris (0.1.2)
      nokogiri (> 0.0.0)
    memcache-client (1.8.5)
    mime-types (1.16)
    mocha (0.9.12)
    mogli (0.0.26)
      httparty (>= 0.4.3)
    moomerman-twitter_oauth (0.2.1)
      json (>= 1.1.2)
      mime-types (>= 1.15)
      oauth (>= 0.3.1)
    moqueue (0.1.4)
      amqp
    mysqlplus (0.1.2)
    net-scp (1.0.4)
      net-ssh (>= 1.99.1)
    net-sftp (2.0.5)
      net-ssh (>= 2.0.9)
    net-ssh (2.1.3)
    net-ssh-gateway (1.0.1)
      net-ssh (>= 1.99.1)
    newrelic_rpm (2.13.4)
    nokogiri (1.4.4)
    oauth (0.4.4)
    oyster (0.9.4)
    packr (3.1.0)
      oyster
    pauldix-feedzirra (0.0.18)
      activesupport (>= 2.0.0)
      builder (>= 2.1.2)
      mdalessio-dryopteris (>= 0.0.0)
      nokogiri (> 0.0.0)
      pauldix-sax-machine (>= 0.0.12)
      taf2-curb (>= 0.2.3)
    pauldix-sax-machine (0.0.14)
      nokogiri (> 0.0.0)
    rack (1.0.1)
    rack-test (0.5.7)
      rack (>= 1.0)
    rails (2.3.4)
      actionmailer (= 2.3.4)
      actionpack (= 2.3.4)
      activerecord (= 2.3.4)
      activeresource (= 2.3.4)
      activesupport (= 2.3.4)
      rake (>= 0.8.3)
    rake (0.8.7)
    redgreen (1.2.2)
    riddle (1.2.2)
    right_aws (2.0.0)
      right_http_connection (>= 1.2.1)
    right_http_connection (1.2.4)
    rio (0.4.2)
    rmagick (2.12.2)
    rspec (1.3.1)
    rspec-rails (1.3.3)
      rack (>= 1.0.0)
      rspec (= 1.3.1)
    rspec-rails-mocha (0.2.2)
      mocha (>= 0.9.8)
      rspec-rails (>= 1.3.2)
    ruby-debug (0.10.4)
      columnize (>= 0.1)
      ruby-debug-base (~> 0.10.4.0)
    ruby-debug-base (0.10.4)
      linecache (>= 0.3)
    ruby-growl (3.0)
    ruby-hmac (0.4.0)
    ruby-stemmer (0.8.2)
    rubyforge (2.0.4)
      json_pure (>= 1.1.7)
    rubyzip (0.9.4)
    rvideo (0.9.3)
    searchlogic (2.3.16)
      activerecord (>= 2.0.0)
    selenium-webdriver (0.1.3)
      childprocess (~> 0.1.5)
      ffi (~> 0.6.3)
      json_pure
      rubyzip
    sequel (3.21.0)
    shared-mime-info (0.1)
    shuber-attr_encrypted (1.0.8)
      shuber-eigenclass (>= 1.0.1)
      shuber-encryptor (>= 1.0.0)
    shuber-eigenclass (1.0.1)
    shuber-encryptor (1.0.1)
    spork (0.8.4)
    subdomain-fu (0.5.4)
    taf2-curb (0.5.4.0)
    term-ansicolor (1.0.5)
    thinking-sphinx (1.3.20)
      activerecord (>= 1.15.6, < 3.0.0)
      after_commit (>= 1.0.6)
      riddle (>= 1.0.10)
    trollop (1.16.2)
    twitter (0.6.3)
      httparty (>= 0.4.2)
      mash
      oauth
    tzinfo (0.3.24)
    uniform_notifier (1.0.1)
    uuidtools (2.1.2)
    webrat (0.7.3)
      nokogiri (>= 1.2.0)
      rack (>= 1.0)
      rack-test (>= 0.5.3)
    xml-simple (1.0.14)
    xpath (0.1.3)
      nokogiri (~> 1.3)

PLATFORMS
  ruby

DEPENDENCIES
  RubyInline
  SystemTimer
  active_presenter
  acts_as_audited (= 1.1.1)
  after_commit
  amqp (= 0.6.7)
  autotest-growl
  autotest-rails
  aws-s3
  bullet
  capistrano (= 2.5.10)
  capistrano-ext (= 1.2.1)
  capybara
  cobravsmongoose
  crack
  cucumber
  cucumber-rails
  daemons
  database_cleaner
  deadweight
  eventmachine
  ezcrypto
  facebooker
  faker
  formtastic (~> 1.1.0)
  gdata
  haml
  hashie
  hirb
  hoe (= 2.4.0)
  hpricot
  httparty
  image_science
  javan-whenever
  jnunemaker-columbus
  json_pure (= 1.4.6)
  larch
  linkedin2 (= 1.0.1)!
  lockfile
  markevans-block_helpers
  mash
  mdalessio-dryopteris
  memcache-client
  mime-types
  mocha
  mogli
  moomerman-twitter_oauth
  moqueue
  mysqlplus
  newrelic_rpm (>= 2.9.8)
  nokogiri
  oauth
  packr
  pauldix-feedzirra
  rails (= 2.3.4)
  redgreen
  right_aws
  rio
  rmagick (= 2.12.2)
  rspec (= 1.3.1)
  rspec-rails (= 1.3.3)
  rspec-rails-mocha (~> 0.2.2)
  ruby-debug
  ruby-growl
  ruby-hmac
  ruby-stemmer
  rvideo
  searchlogic (= 2.3.16)
  shared-mime-info
  shuber-attr_encrypted
  spork
  subdomain-fu
  taf2-curb
  thinking-sphinx (~> 1.3.20)
  twitter
  tzinfo
  uuidtools
  webrat
